PATH
  remote: .
  specs:
    txtlocal (0.0.1)
      json

GEM
  remote: http://rubygems.org/
  specs:
    ZenTest (4.4.2)
    addressable (2.2.2)
    autotest (4.4.6)
      ZenTest (>= 4.4.1)
    columnize (0.3.2)
    crack (0.1.8)
    diff-lcs (1.1.2)
    json (1.4.6)
    linecache (0.43)
    rspec (2.4.0)
      rspec-core (~> 2.4.0)
      rspec-expectations (~> 2.4.0)
      rspec-mocks (~> 2.4.0)
    rspec-core (2.4.0)
    rspec-expectations (2.4.0)
      diff-lcs (~> 1.1.2)
    rspec-mocks (2.4.0)
    ruby-debug (0.10.4)
      columnize (>= 0.1)
      ruby-debug-base (~> 0.10.4.0)
    ruby-debug-base (0.10.4)
      linecache (>= 0.3)
    webmock (1.6.2)
      addressable (>= 2.2.2)
      crack (>= 0.1.7)

PLATFORMS
  ruby

DEPENDENCIES
  autotest
  bundler (>= 1.0.0)
  rspec
  ruby-debug
  txtlocal!
  webmock
